GEM
  remote: https://rubygems.org/
  specs:
    cairo (1.16.4)
      native-package-installer (>= 1.0.3)
      pkg-config (>= 1.2.2)
    cairo-gobject (3.3.7)
      cairo (>= 1.16.2)
      glib2 (= 3.3.7)
    classy_hash (0.2.1)
    game_icons (0.43.0.20191126)
    gdk_pixbuf2 (3.3.7)
      gio2 (= 3.3.7)
    gio2 (3.3.7)
      gobject-introspection (= 3.3.7)
    glib2 (3.3.7)
      native-package-installer (>= 1.0.3)
      pkg-config (>= 1.3.5)
    gobject-introspection (3.3.7)
      glib2 (= 3.3.7)
    highline (2.0.2)
    mercenary (0.3.6)
    mini_portile2 (2.4.0)
    native-package-installer (1.0.9)
    nokogiri (1.10.4)
      mini_portile2 (~> 2.4.0)
    pango (3.3.7)
      cairo-gobject (= 3.3.7)
      gobject-introspection (= 3.3.7)
    pkg-config (1.4.0)
    roo (2.8.2)
      nokogiri (~> 1)
      rubyzip (>= 1.2.1, < 2.0.0)
    rsvg2 (3.3.7)
      cairo-gobject (= 3.3.7)
      gdk_pixbuf2 (= 3.3.7)
    ruby-progressbar (1.10.0)
    rubyzip (1.3.0)
    squib (0.15.2)
      cairo (= 1.16.4)
      classy_hash (= 0.2.1)
      gio2 (= 3.3.7)
      gobject-introspection (= 3.3.7)
      highline (= 2.0.2)
      mercenary (= 0.3.6)
      nokogiri (= 1.10.4)
      pango (= 3.3.7)
      roo (= 2.8.2)
      rsvg2 (= 3.3.7)
      ruby-progressbar (= 1.10.0)

PLATFORMS
  ruby

DEPENDENCIES
  game_icons
  squib

BUNDLED WITH
   1.17.2
